PATH
  remote: .
  specs:
    flor (0.1.0)
      munemo
      raabro (>= 1.0.5)
      sequel (>= 4.29.0)

PATH
  remote: ../../raabro/
  specs:
    raabro (1.1.0)

GEM
  remote: https://rubygems.org/
  specs:
    diff-lcs (1.2.5)
    munemo (1.0.0)
    rake (10.4.2)
    rspec (3.3.0)
      rspec-core (~> 3.3.0)
      rspec-expectations (~> 3.3.0)
      rspec-mocks (~> 3.3.0)
    rspec-core (3.3.2)
      rspec-support (~> 3.3.0)
    rspec-expectations (3.3.1)
      diff-lcs (>= 1.2.0, < 2.0)
      rspec-support (~> 3.3.0)
    rspec-mocks (3.3.2)
      diff-lcs (>= 1.2.0, < 2.0)
      rspec-support (~> 3.3.0)
    rspec-support (3.3.0)
    sequel (4.29.0)
    sqlite3 (1.3.11)

PLATFORMS
  ruby

DEPENDENCIES
  flor!
  raabro!
  rake
  rspec (>= 2.13.0)
  sqlite3 (>= 1.3.11)

BUNDLED WITH
   1.10.6
