PATH
  remote: .
  specs:
    flor (0.5.0)
      munemo (>= 1.0.1)
      raabro (>= 1.1.2)
      rufus-scheduler (~> 3)

GEM
  remote: https://rubygems.org/
  specs:
    diff-lcs (1.2.5)
    jdbc-sqlite3 (3.8.11.2)
    munemo (1.0.1)
    raabro (1.1.3)
    rspec (3.4.0)
      rspec-core (~> 3.4.0)
      rspec-expectations (~> 3.4.0)
      rspec-mocks (~> 3.4.0)
    rspec-core (3.4.2)
      rspec-support (~> 3.4.0)
    rspec-expectations (3.4.0)
      diff-lcs (>= 1.2.0, < 2.0)
      rspec-support (~> 3.4.0)
    rspec-mocks (3.4.1)
      diff-lcs (>= 1.2.0, < 2.0)
      rspec-support (~> 3.4.0)
    rspec-support (3.4.1)
    rufus-scheduler (3.3.1)
      tzinfo
    sequel (4.38.0)
    sqlite3 (1.3.11)
    thread_safe (0.3.5)
    thread_safe (0.3.5-java)
    tzinfo (1.2.2)
      thread_safe (~> 0.1)

PLATFORMS
  java
  ruby

DEPENDENCIES
  flor!
  jdbc-sqlite3 (= 3.8.11.2)
  rspec (= 3.4.0)
  sequel (~> 4)
  sqlite3 (= 1.3.11)

BUNDLED WITH
   1.10.6
