GIT
  remote: https://github.com/jmettraux/raabro.git
  revision: e08e7e20481211dec1008fec3a550f779ad7f211
  specs:
    raabro (1.1.4)

PATH
  remote: .
  specs:
    flor (0.15.0)
      fugit (>= 1.0.0)
      munemo (>= 1.0.1)
      raabro (>= 1.1.3)

GEM
  remote: https://rubygems.org/
  specs:
    diff-lcs (1.2.5)
    et-orbi (1.0.5)
      tzinfo
    fugit (1.0.0)
      et-orbi (>= 1.0.5)
      raabro (~> 1.1)
    jdbc-sqlite3 (3.8.11.2)
    munemo (1.0.1)
    rspec (3.4.0)
      rspec-core (~> 3.4.0)
      rspec-expectations (~> 3.4.0)
      rspec-mocks (~> 3.4.0)
    rspec-core (3.4.2)
      rspec-support (~> 3.4.0)
    rspec-expectations (3.4.0)
      diff-lcs (>= 1.2.0, < 2.0)
      rspec-support (~> 3.4.0)
    rspec-mocks (3.4.1)
      diff-lcs (>= 1.2.0, < 2.0)
      rspec-support (~> 3.4.0)
    rspec-support (3.4.1)
    sequel (4.38.0)
    sqlite3 (1.3.11)
    terminal-table (1.7.3)
      unicode-display_width (~> 1.1.1)
    thread_safe (0.3.6)
    thread_safe (0.3.6-java)
    tzinfo (1.2.3)
      thread_safe (~> 0.1)
    unicode-display_width (1.1.3)

PLATFORMS
  java
  ruby

DEPENDENCIES
  flor!
  jdbc-sqlite3 (= 3.8.11.2)
  raabro!
  rspec (= 3.4.0)
  sequel (~> 4)
  sqlite3 (= 1.3.11)
  terminal-table

BUNDLED WITH
   1.15.3
