PATH
  remote: .
  specs:
    flor (0.4.0)
      munemo
      raabro (>= 1.1.1)

GEM
  remote: https://rubygems.org/
  specs:
    diff-lcs (1.2.5)
    munemo (1.0.0)
    raabro (1.1.1)
    rspec (3.4.0)
      rspec-core (~> 3.4.0)
      rspec-expectations (~> 3.4.0)
      rspec-mocks (~> 3.4.0)
    rspec-core (3.4.2)
      rspec-support (~> 3.4.0)
    rspec-expectations (3.4.0)
      diff-lcs (>= 1.2.0, < 2.0)
      rspec-support (~> 3.4.0)
    rspec-mocks (3.4.1)
      diff-lcs (>= 1.2.0, < 2.0)
      rspec-support (~> 3.4.0)
    rspec-support (3.4.1)

PLATFORMS
  ruby

DEPENDENCIES
  flor!
  rspec (= 3.4.0)

BUNDLED WITH
   1.10.6
